GEM
  specs:
    coderay (1.1.2)
    method_source (0.9.0)
    minitest (5.10.3)
    minitest-rg (5.2.0)
      minitest (~> 5.0)
    pry (0.11.3)
      coderay (~> 1.1.0)
      method_source (~> 0.9.0)

PLATFORMS
  ruby

DEPENDENCIES
  minitest (= 5.10.3)
  minitest-rg
  pry

BUNDLED WITH
   1.14.6
